GIT
  remote: git://github.com/lotus/controller.git
  revision: 0c94bb30f4ae5bd7b11da59669dfed81ae61d39f
  specs:
    lotus-controller (0.2.0)
      lotus-utils (~> 0.2)
      rack (~> 1.5)

GIT
  remote: git://github.com/lotus/lotus.git
  revision: 4a434537a6a8322d548d84dba3a6f4dc96cf9c62
  specs:
    lotusrb (0.1.0)
      lotus-controller (~> 0.2)
      lotus-router (~> 0.1, >= 0.1.1)
      lotus-utils (~> 0.2)
      lotus-view (~> 0.2)
      thor (= 0.19.1)

GIT
  remote: git://github.com/lotus/router.git
  revision: 2966ff8743def7c8855a20400f0bb8ffc37a621b
  specs:
    lotus-router (0.1.1)
      http_router (~> 0.11)
      lotus-utils (~> 0)

GIT
  remote: git://github.com/lotus/utils.git
  revision: 1c13472551446d3d6b406f91071e90f5546079f8
  specs:
    lotus-utils (0.2.0)

GIT
  remote: git://github.com/lotus/view.git
  revision: f0ce02df8373ba3031666809f66b23ca4600df62
  specs:
    lotus-view (0.2.0)
      lotus-utils (~> 0.2)
      tilt (~> 2.0, >= 2.0.1)

GEM
  remote: https://rubygems.org/
  specs:
    coderay (1.1.0)
    http_router (0.11.1)
      rack (>= 1.0.0)
      url_mount (~> 0.2.1)
    method_source (0.8.2)
    pry (0.10.0)
      coderay (~> 1.1.0)
      method_source (~> 0.8.1)
      slop (~> 3.4)
    rack (1.5.2)
    slim (2.0.3)
      temple (~> 0.6.6)
      tilt (>= 1.3.3, < 2.1)
    slop (3.5.0)
    temple (0.6.8)
    thor (0.19.1)
    tilt (2.0.1)
    url_mount (0.2.1)
      rack

PLATFORMS
  ruby

DEPENDENCIES
  lotus-controller!
  lotus-router!
  lotus-utils!
  lotus-view!
  lotusrb!
  pry
  slim
